PATH
  remote: .
  specs:
    rack-error_handler (1.0.0)
      rack

GEM
  remote: https://rubygems.org/
  specs:
    coderay (1.1.3)
    colorin (2.0.0)
    coveralls (0.8.23)
      json (>= 1.8, < 3)
      simplecov (~> 0.16.1)
      term-ansicolor (~> 1.3)
      thor (>= 0.19.4, < 2.0)
      tins (~> 1.6)
    docile (1.3.5)
    json (2.6.3)
    method_source (0.9.2)
    minitest (5.10.3)
    minitest-colorin (0.1.6)
      colorin (~> 2.0)
      minitest (~> 5.0)
    minitest-line (0.6.5)
      minitest (~> 5.0)
    pry (0.12.2)
      coderay (~> 1.1.0)
      method_source (~> 0.9.0)
    pry-nav (0.3.0)
      pry (>= 0.9.10, < 0.13.0)
    rack (2.2.7)
    rack-test (2.1.0)
      rack (>= 1.3)
    rake (11.3.0)
    simplecov (0.16.1)
      docile (~> 1.1)
      json (>= 1.8, < 3)
      simplecov-html (~> 0.10.0)
    simplecov-html (0.10.2)
    sync (0.5.0)
    term-ansicolor (1.7.1)
      tins (~> 1.0)
    thor (1.2.2)
    tins (1.32.1)
      sync

PLATFORMS
  x86_64-linux

DEPENDENCIES
  coveralls (~> 0.8)
  minitest (~> 5.0, < 5.11)
  minitest-colorin (~> 0.1)
  minitest-line (~> 0.6)
  pry-nav (~> 0.2)
  rack-error_handler!
  rack-test (~> 2.0)
  rake (~> 11.0)
  simplecov (~> 0.14)

BUNDLED WITH
   2.3.14
